NUGET
  remote: https://www.nuget.org/api/v2
  specs:
    Baseclass.Contrib.Nuget.Output (2.1)
    DiffSharp (0.7.7)
      FSharp.Quotations.Evaluator (>= 1.0.6)
    FSharp.Charting (0.90.14)
    FSharp.Data (2.2.5)
      Zlib.Portable (>= 1.10) - framework: portable-net40+sl50+wp80+win80
    FSharp.Quotations.Evaluator (1.0.7)
    MathNet.Numerics (3.11)
      TaskParallelLibrary (>= 1.0.2856) - framework: net35
    NQuantLib.dll (1.0.2)
      Baseclass.Contrib.Nuget.Output
    TaskParallelLibrary (1.0.2856) - framework: net35
    Zlib.Portable (1.11) - framework: portable-net40+sl50+wp80+win80
